PATH
  remote: .
  specs:
    manticore-client (1.0.0)
      faraday (>= 1.0.1, < 3.0)
      faraday-multipart
      marcel
      zeitwerk

GEM
  remote: https://rubygems.org/
  specs:
    ast (2.4.3)
    byebug (12.0.0)
    coderay (1.1.3)
    date (3.4.1)
    diff-lcs (1.6.1)
    faraday (2.13.1)
      faraday-net_http (>= 2.0, < 3.5)
      json
      logger
    faraday-multipart (1.1.0)
      multipart-post (~> 2.0)
    faraday-net_http (3.4.0)
      net-http (>= 0.5.0)
    jaro_winkler (1.5.6)
    json (2.11.3)
    logger (1.7.0)
    marcel (1.0.4)
    method_source (1.1.0)
    multipart-post (2.4.1)
    net-http (0.6.0)
      uri
    parallel (1.27.0)
    parser (3.3.8.0)
      ast (~> 2.4.1)
      racc
    pry (0.15.2)
      coderay (~> 1.1)
      method_source (~> 1.0)
    pry-byebug (3.11.0)
      byebug (~> 12.0)
      pry (>= 0.13, < 0.16)
    psych (5.2.4)
      date
      stringio
    racc (1.8.1)
    rainbow (3.1.1)
    rake (13.0.6)
    rspec (3.13.0)
      rspec-core (~> 3.13.0)
      rspec-expectations (~> 3.13.0)
      rspec-mocks (~> 3.13.0)
    rspec-core (3.13.3)
      rspec-support (~> 3.13.0)
    rspec-expectations (3.13.4)
      diff-lcs (>= 1.2.0, < 2.0)
      rspec-support (~> 3.13.0)
    rspec-mocks (3.13.4)
      diff-lcs (>= 1.2.0, < 2.0)
      rspec-support (~> 3.13.0)
    rspec-support (3.13.3)
    rubocop (0.66.0)
      jaro_winkler (~> 1.5.1)
      parallel (~> 1.10)
      parser (>= 2.5, != 2.5.1.1)
      psych (>= 3.1.0)
      rainbow (>= 2.2.2, < 4.0)
      ruby-progressbar (~> 1.7)
      unicode-display_width (>= 1.4.0, < 1.6)
    ruby-progressbar (1.13.0)
    stringio (3.1.7)
    unicode-display_width (1.5.0)
    uri (1.0.3)
    zeitwerk (2.7.2)

PLATFORMS
  ruby
  x86_64-darwin-23

DEPENDENCIES
  manticore-client!
  pry-byebug
  rake (~> 13.0.1)
  rspec (~> 3.12)
  rubocop (~> 0.66.0)

BUNDLED WITH
   2.6.8
